GIT
  remote: git://github.com/digitalfx/motion-carthage.git
  revision: c3da4d409628c0839c09cd902e465c302cf84e5e
  specs:
    motion-carthage (1.0)

GEM
  remote: https://rubygems.org/
  specs:
    rake (10.4.2)

PLATFORMS
  ruby

DEPENDENCIES
  motion-carthage!
  rake

BUNDLED WITH
   1.10.2
